{
	"ConversionSoftware": "dicm2nii.m 20200702",
	"SeriesNumber": 4,
	"SeriesDescription": "DOCUMENTARY_TR1303",
	"ImageType": ["ORIGINAL", "PRIMARY", "M", "ND", "NORM", "MOSAIC"],
	"Modality": "MR",
	"AcquisitionDateTime": "20200622085927.745000",
    "TaskName": "documentary",
	"TotalReadoutTime": 0.021724783,
	"SliceTiming": [
		0.735,
		0,
		0.49,
		0.06,
		0.55,
		0.1225,
		0.6125,
		0.1825,
		0.6725,
		0.305,
		0.795,
		0.3675,
		0.8575,
		0.4275,
		0.9175,
		0.245,
		0.735,
		0,
		0.49,
		0.06,
		0.55,
		0.1225,
		0.6125,
		0.1825,
		0.6725,
		0.305,
		0.795,
		0.3675,
		0.8575,
		0.4275,
		0.9175,
		0.245,
		0.735,
		0,
		0.49,
		0.06,
		0.55,
		0.1225,
		0.6125,
		0.1825,
		0.6725,
		0.305,
		0.795,
		0.3675,
		0.8575,
		0.4275,
		0.9175,
		0.245	],
	"RepetitionTime": 1,
	"PhaseEncodingDirection": "j-",
	"EffectiveEchoSpacing": 0.00027499725,
	"EchoTime": 0.03,
	"SliceThickness": 3,
	"FlipAngle": 90,
	"Manufacturer": "SIEMENS",
	"SoftwareVersion": "syngo MR E11",
	"MRAcquisitionType": "2D",
	"InstitutionName": "SKKU",
	"InstitutionAddress": "Street StreetNo,City/40058d/,District,KR,ZIP",
	"DeviceSerialNumber": "66061",
	"ScanningSequence": "EP",
	"SequenceVariant": "SK",
	"ScanOptions": "FS",
	"SequenceName": "*epfid2d1_80"
}
