{
	"ConversionSoftware": "dicm2nii.m 20200702",
	"SeriesNumber": 9,
	"SeriesDescription": "GradCPT_scene_TR445",
	"ImageType": ["ORIGINAL", "PRIMARY", "M", "ND", "NORM", "MOSAIC"],
	"Modality": "MR",
	"AcquisitionDateTime": "20201024151422.025000",
    "TaskName": "gradCPTscene",
	"TotalReadoutTime": 0.021724783,
	"SliceTiming": [
		0.735,
		0,
		0.49,
		0.0625,
		0.5525,
		0.1225,
		0.6125,
		0.185,
		0.675,
		0.3075,
		0.7975,
		0.3675,
		0.8575,
		0.43,
		0.92,
		0.245,
		0.735,
		0,
		0.49,
		0.0625,
		0.5525,
		0.1225,
		0.6125,
		0.185,
		0.675,
		0.3075,
		0.7975,
		0.3675,
		0.8575,
		0.43,
		0.92,
		0.245,
		0.735,
		0,
		0.49,
		0.0625,
		0.5525,
		0.1225,
		0.6125,
		0.185,
		0.675,
		0.3075,
		0.7975,
		0.3675,
		0.8575,
		0.43,
		0.92,
		0.245	],
	"RepetitionTime": 1,
	"PhaseEncodingDirection": "j-",
	"EffectiveEchoSpacing": 0.00027499725,
	"EchoTime": 0.03,
	"SliceThickness": 3,
	"FlipAngle": 90,
	"Manufacturer": "SIEMENS",
	"SoftwareVersion": "syngo MR E11",
	"MRAcquisitionType": "2D",
	"InstitutionName": "SKKU",
	"InstitutionAddress": "Street StreetNo,City/40058d/,District,KR,ZIP",
	"DeviceSerialNumber": "66061",
	"ScanningSequence": "EP",
	"SequenceVariant": "SK",
	"ScanOptions": "FS",
	"SequenceName": "*epfid2d1_80"
}
