{
	"ConversionSoftware": "dicm2nii.m 20200702",
	"SeriesNumber": 6,
	"SeriesDescription": "t1_mprage_tra_256_iso",
	"ImageType": ["ORIGINAL", "PRIMARY", "M", "ND", "NORM", "SH", "FIL"],
	"Modality": "MR",
	"AcquisitionDateTime": "20200728124640.572500",
	"RepetitionTime": 2.2,
	"PhaseEncodingDirection": "i",
	"EchoTime": 0.00244,
	"InversionTime": 0.925,
	"SliceThickness": 1,
	"FlipAngle": 8,
	"Manufacturer": "SIEMENS",
	"SoftwareVersion": "syngo MR E11",
	"MRAcquisitionType": "3D",
	"InstitutionName": "SKKU",
	"InstitutionAddress": "Street StreetNo,City/40058d/,District,KR,ZIP",
	"DeviceSerialNumber": "66061",
	"ScanningSequence": "GR\\IR",
	"SequenceVariant": "SK\\SP\\MP\\OSP",
	"ScanOptions": "IR",
	"SequenceName": "*tfl3d1_16"
}
